GEM
  remote: https://rubygems.org/
  specs:
    activesupport (7.1.3.2)
      base64
      bigdecimal
      concurrent-ruby (~> 1.0, >= 1.0.2)
      connection_pool (>= 2.2.5)
      drb
      i18n (>= 1.6, < 2)
      minitest (>= 5.1)
      mutex_m
      tzinfo (~> 2.0)
    ast (2.4.2)
    base32 (0.3.4)
    base64 (0.2.0)
    bech32 (1.4.2)
      thor (>= 1.1.0)
    bigdecimal (3.1.6)
    bip-schnorr (0.7.0)
      ecdsa_ext (~> 0.5.0)
    bitcoinrb (1.4.0)
      base32 (>= 0.3.4)
      bech32 (>= 1.3.0)
      bip-schnorr (>= 0.5.0)
      daemon-spawn
      ecdsa_ext (~> 0.5.0)
      eventmachine
      eventmachine_httpserver
      ffi
      iniparse
      json_pure (>= 2.3.1)
      leb128 (~> 1.0.0)
      murmurhash3 (~> 0.1.7)
      siphash
      thor
    concurrent-ruby (1.2.3)
    connection_pool (2.4.1)
    daemon-spawn (0.4.2)
    diff-lcs (1.5.1)
    drb (2.2.1)
    ecdsa (1.2.0)
    ecdsa_ext (0.5.1)
      ecdsa (~> 1.2.0)
    eventmachine (1.2.7)
    eventmachine_httpserver (0.2.1)
    ffi (1.16.3)
    i18n (1.14.4)
      concurrent-ruby (~> 1.0)
    iniparse (1.5.0)
    json (2.7.1)
    json_pure (2.7.1)
    language_server-protocol (3.17.0.3)
    leb128 (1.0.0)
    minitest (5.22.2)
    murmurhash3 (0.1.7)
    mutex_m (0.2.0)
    parallel (1.24.0)
    parser (3.3.0.5)
      ast (~> 2.4.1)
      racc
    power_assert (2.0.3)
    racc (1.7.3)
    rainbow (3.1.1)
    rake (13.1.0)
    regexp_parser (2.9.0)
    rexml (3.2.6)
    rspec (3.13.0)
      rspec-core (~> 3.13.0)
      rspec-expectations (~> 3.13.0)
      rspec-mocks (~> 3.13.0)
    rspec-core (3.13.0)
      rspec-support (~> 3.13.0)
    rspec-expectations (3.13.0)
      diff-lcs (>= 1.2.0, < 2.0)
      rspec-support (~> 3.13.0)
    rspec-mocks (3.13.0)
      diff-lcs (>= 1.2.0, < 2.0)
      rspec-support (~> 3.13.0)
    rspec-support (3.13.1)
    rubocop (1.62.0)
      json (~> 2.3)
      language_server-protocol (>= 3.17.0)
      parallel (~> 1.10)
      parser (>= 3.3.0.2)
      rainbow (>= 2.2.2, < 4.0)
      regexp_parser (>= 1.8, < 3.0)
      rexml (>= 3.2.5, < 4.0)
      rubocop-ast (>= 1.31.1, < 2.0)
      ruby-progressbar (~> 1.7)
      unicode-display_width (>= 2.4.0, < 3.0)
    rubocop-ast (1.31.1)
      parser (>= 3.3.0.4)
    ruby-progressbar (1.13.0)
    siphash (0.0.1)
    test-unit (3.6.2)
      power_assert
    thor (1.3.1)
    tzinfo (2.0.6)
      concurrent-ruby (~> 1.0)
    unicode-display_width (2.5.0)

PLATFORMS
  ruby
  x86_64-linux

DEPENDENCIES
  activesupport (~> 7.1)
  bitcoinrb (~> 1.4)
  rake (~> 13.1)
  rspec (~> 3.13)
  rubocop (~> 1.62)
  test-unit (~> 3.6)

BUNDLED WITH
   2.5.5
